GEM
  remote: https://rubygems.org/
  specs:
    coderay (1.0.7)
    interactive_editor (0.0.10)
      spoon (>= 0.0.1)
    method_source (0.8)
    pry (0.9.10)
      coderay (~> 1.0.5)
      method_source (~> 0.8)
      slop (~> 3.3.1)
    rack (1.4.1)
    rack-protection (1.2.0)
      rack
    redis (3.0.2)
    redis-namespace (1.2.1)
      redis (~> 3.0.0)
    sinatra (1.3.3)
      rack (~> 1.3, >= 1.3.6)
      rack-protection (~> 1.2)
      tilt (~> 1.3, >= 1.3.3)
    slop (3.3.3)
    spoon (0.0.1)
    tilt (1.3.3)

PLATFORMS
  ruby

DEPENDENCIES
  interactive_editor
  pry
  redis-namespace
  sinatra
